PATH
  remote: .
  specs:
    track-record (0.0.1)

GEM
  remote: http://rubygems.org/
  specs:
    ast (2.4.2)
    parallel (1.20.1)
    parser (3.0.2.0)
      ast (~> 2.4.1)
    rainbow (3.0.0)
    regexp_parser (2.1.1)
    rexml (3.2.5)
    rubocop (0.93.1)
      parallel (~> 1.10)
      parser (>= 2.7.1.5)
      rainbow (>= 2.2.2, < 4.0)
      regexp_parser (>= 1.8)
      rexml
      rubocop-ast (>= 0.6.0)
      ruby-progressbar (~> 1.7)
      unicode-display_width (>= 1.4.0, < 2.0)
    rubocop-ast (1.8.0)
      parser (>= 3.0.1.1)
    rubocop-performance (1.10.2)
      rubocop (>= 0.90.0, < 2.0)
      rubocop-ast (>= 0.4.0)
    rubocop-rspec (1.44.1)
      rubocop (~> 0.87)
      rubocop-ast (>= 0.7.1)
    ruby-progressbar (1.11.0)
    unicode-display_width (1.7.0)

PLATFORMS
  ruby

DEPENDENCIES
  rubocop (~> 0.60)
  rubocop-performance (~> 1.5)
  rubocop-rspec (~> 1.37)
  track-record!

BUNDLED WITH
   2.1.4
